GEM
  remote: https://rubygems.org/
  specs:
    autoprefixer-rails (5.1.11)
      execjs
      json
    bootstrap-sass (3.3.4.1)
      autoprefixer-rails (>= 5.0.0.1)
      sass (>= 3.2.19)
    breakpoint (2.0.7)
      compass (>= 0.12.1)
      sass (>= 3.2.0)
    chunky_png (1.3.4)
    color-schemer (0.2.8)
      compass-blend-modes (~> 0.0.2)
    compass (0.12.7)
      chunky_png (~> 1.2)
      fssm (>= 0.2.7)
      sass (~> 3.2.19)
    compass-blend-modes (0.0.2)
      compass
    execjs (2.4.0)
    fssm (0.2.10)
    json (1.8.2)
    respond-to (2.6)
      breakpoint (>= 1.3)
    sass (3.2.19)
    sassy-strings (1.0.0)
      compass (>= 0.12.2)
    singularitygs (1.1.2)
      breakpoint (>= 2.0.1)
      compass (>= 0.12.2)
      sass (>= 3.2.1)
    susy (1.0.9)
      compass (>= 0.12.2)
      sass (>= 3.2.0)
    toolkit (1.3.8)
      breakpoint (>= 2.0.6)
      color-schemer (>= 0.2.7)
      compass (>= 0.12.2)
      sassy-strings (>= 1.0.0)
      singularitygs (>= 1.1.2)

PLATFORMS
  ruby

DEPENDENCIES
  bootstrap-sass (>= 3.3.1)
  compass (~> 0.12.2)
  execjs (~> 2.4.0)
  respond-to (~> 2.6)
  sass (~> 3.2.0)
  susy (~> 1.0.9)
  toolkit (~> 1.3.8)
